GEM
  remote: https://rubygems.org/
  specs:
    diff-lcs (1.3)
    foreman (0.82.0)
      thor (~> 0.19.1)
    rack (1.6.8)
    rack-protection (1.5.3)
      rack
    redis (3.3.3)
    rspec (3.5.0)
      rspec-core (~> 3.5.0)
      rspec-expectations (~> 3.5.0)
      rspec-mocks (~> 3.5.0)
    rspec-core (3.5.4)
      rspec-support (~> 3.5.0)
    rspec-expectations (3.5.0)
      diff-lcs (>= 1.2.0, < 2.0)
      rspec-support (~> 3.5.0)
    rspec-mocks (3.5.0)
      diff-lcs (>= 1.2.0, < 2.0)
      rspec-support (~> 3.5.0)
    rspec-support (3.5.0)
    sinatra (1.4.7)
      rack (~> 1.5)
      rack-protection (~> 1.4)
      tilt (>= 1.3, < 3)
    sinatra-logger (0.1.1)
      sinatra (>= 1.0)
    thor (0.19.4)
    tilt (2.0.7)

PLATFORMS
  ruby

DEPENDENCIES
  foreman (= 0.82.0)
  redis (~> 3.2)
  rspec (= 3.5.0)
  sinatra (= 1.4.7)
  sinatra-logger (= 0.1.1)

BUNDLED WITH
   1.12.5
